GEM
  remote: https://rubygems.org/
  specs:
    builder (3.2.2)
    colored (1.2)
    cri (2.7.0)
      colored (~> 1.2)
    haml (4.0.6)
      tilt
    kramdown (1.7.0)
    nanoc (3.8.0)
      cri (~> 2.3)
    sass (3.4.14)
    tilt (2.0.1)

PLATFORMS
  ruby

DEPENDENCIES
  builder
  haml
  kramdown
  nanoc
  sass
