GEM
  remote: https://rubygems.org/
  specs:
    colored (1.2)
    cri (2.6.1)
      colored (~> 1.2)
    haml (4.0.6)
      tilt
    nanoc (3.7.4)
      cri (~> 2.3)
    sass (3.4.9)
    tilt (2.0.1)

PLATFORMS
  ruby

DEPENDENCIES
  haml
  nanoc
  sass
